GEM
  remote: https://rubygems.org/
  specs:
    faker (1.6.1)
      i18n (~> 0.5)
    i18n (0.7.0)
    mini_portile2 (2.0.0)
    nokogiri (1.6.7.2)
      mini_portile2 (~> 2.0.0.rc2)
    rack (1.6.4)
    sinatra (1.1.0)
      rack (~> 1.1)
      tilt (~> 1.1)
    tilt (1.4.1)

PLATFORMS
  ruby

DEPENDENCIES
  faker
  nokogiri
  sinatra (= 1.1.0)

BUNDLED WITH
   1.11.2
